GEM
  remote: https://rubygems.org/
  specs:
    docker-api (1.33.4)
      excon (>= 0.38.0)
      json
    excon (0.55.0)
    json (2.1.0)
    rack (1.6.5)
    rack-protection (1.5.3)
      rack
    sinatra (1.4.8)
      rack (~> 1.5)
      rack-protection (~> 1.4)
      tilt (>= 1.3, < 3)
    tilt (2.0.7)

PLATFORMS
  ruby

DEPENDENCIES
  docker-api (~> 1.33, >= 1.33.4)!
  sinatra (~> 1.4, >= 1.4.8)!

BUNDLED WITH
   1.13.6
